GIT
  remote: https://github.com/btaitelb/guard-jekyll
  revision: f135f4aebf0390ccdf14b91e716b78fda6addd8c
  specs:
    guard-jekyll (0.2.1)
      guard (>= 1.1.0)
      jekyll

GIT
  remote: https://github.com/tombell/jekyll
  revision: 7f706f47fc89c65fdfeff5dc65c591750020c18e
  branch: redcarpet-update
  specs:
    jekyll (0.11.2)
      classifier (~> 1.3)
      directory_watcher (~> 1.1)
      kramdown (~> 0.13.4)
      liquid (~> 2.3)
      maruku (~> 0.5)
      pygments.rb (~> 0.2.12)

GEM
  remote: http://rubygems.org/
  specs:
    blankslate (3.1.2)
    classifier (1.3.3)
      fast-stemmer (>= 1.0.0)
    directory_watcher (1.4.1)
    fast-stemmer (1.0.1)
    ffi (1.0.11)
    growl (1.0.3)
    guard (1.4.0)
      listen (>= 0.4.2)
      thor (>= 0.14.6)
    kramdown (0.13.8)
    liquid (2.4.1)
    listen (0.5.3)
    maruku (0.6.1)
      syntax (>= 1.0.0)
    pygments.rb (0.2.13)
      rubypython (~> 0.5.3)
    rake (0.9.2.2)
    rb-fsevent (0.9.2)
    rb-inotify (0.8.8)
      ffi (>= 0.5.0)
    redcarpet (2.2.0)
    rubypython (0.5.3)
      blankslate (>= 2.1.2.3)
      ffi (~> 1.0.7)
    syntax (1.0.0)
    thor (0.16.0)

PLATFORMS
  ruby

DEPENDENCIES
  growl
  guard
  guard-jekyll!
  jekyll!
  rake
  rb-fsevent
  rb-inotify
  redcarpet
